GEM
  remote: https://rubygems.org/
  specs:
    coderay (1.1.3)
    method_source (1.0.0)
    pry (0.13.1)
      coderay (~> 1.1)
      method_source (~> 1.0)
    ruby_linear_regression (0.1.5)

PLATFORMS
  ruby

DEPENDENCIES
  pry
  ruby_linear_regression

BUNDLED WITH
   2.1.4
